GEM
  remote: http://rubygems.org/
  specs:
    elasticsearch (1.0.17)
      elasticsearch-api (= 1.0.17)
      elasticsearch-transport (= 1.0.17)
    elasticsearch-api (1.0.17)
      multi_json
    elasticsearch-transport (1.0.17)
      faraday
      multi_json
    faraday (0.9.2)
      multipart-post (>= 1.2, < 3)
    libv8 (3.16.14.7)
    mimemagic (0.4.3)
      nokogiri (~> 1)
      rake
    mini_portile2 (2.6.1)
    multi_json (1.11.2)
    multipart-post (2.0.0)
    nokogiri (1.12.5)
      mini_portile2 (~> 2.6.1)
      racc (~> 1.4)
    puma (3.3.0)
    racc (1.6.0)
    rack (2.1.4.1)
    rack-rewrite (1.5.0)
    rake (13.0.6)
    ref (1.0.5)
    sendgrid-ruby (1.1.5)
      faraday (~> 0.9)
      mimemagic
      smtpapi (~> 0.1)
    smtpapi (0.1.0)
    therubyracer (0.12.1)
      libv8 (~> 3.16.14.0)
      ref

PLATFORMS
  ruby

DEPENDENCIES
  elasticsearch
  puma
  rack
  rack-rewrite
  sendgrid-ruby (< 3.0)
  therubyracer

RUBY VERSION
   ruby 2.5.3p105

BUNDLED WITH
   1.17.3
